GEM
  specs:
    abstract_method (1.2.1)
    cfa (0.7.0)
      ruby-augeas
    cfa_grub2 (0.6.5)
      cfa (~> 0.5)
    cheetah (0.5.0)
      abstract_method (~> 1.2)
    diff-lcs (1.3)
    docile (1.3.1)
    fast_gettext (1.7.0)
    json (2.2.0)
    packaging_rake_tasks (1.4.6)
      rake
    rake (12.3.2)
    rspec (3.8.0)
      rspec-core (~> 3.8.0)
      rspec-expectations (~> 3.8.0)
      rspec-mocks (~> 3.8.0)
    rspec-core (3.8.0)
      rspec-support (~> 3.8.0)
    rspec-expectations (3.8.4)
      diff-lcs (>= 1.2.0, < 2.0)
      rspec-support (~> 3.8.0)
    rspec-mocks (3.8.0)
      diff-lcs (>= 1.2.0, < 2.0)
      rspec-support (~> 3.8.0)
    rspec-support (3.8.2)
    ruby-augeas (0.5.0)
    simplecov (0.16.1)
      docile (~> 1.1)
      json (>= 1.8, < 3)
      simplecov-html (~> 0.10.0)
    simplecov-html (0.10.2)
    yast-rake (0.2.32)
      packaging_rake_tasks (>= 1.1.4)
      rake

PLATFORMS
  ruby

DEPENDENCIES
  cfa
  cfa_grub2
  cheetah
  fast_gettext
  rake
  rspec
  simplecov
  yast-rake

BUNDLED WITH
   1.16.3
